GEM
  remote: https://rubygems.org/
  specs:
    axlsx (2.0.1)
      htmlentities (~> 4.3.1)
      nokogiri (>= 1.4.1)
      rubyzip (~> 1.0.0)
    htmlentities (4.3.4)
    mini_portile2 (2.0.0)
    narray (0.6.1.2)
    narray_miss (1.3.0)
      numru-narray
    nokogiri (1.6.7.2)
      mini_portile2 (~> 2.0.0.rc2)
    numru-narray (1.0.3)
    ruby-ole (1.2.12)
    rubyzip (1.0.0)
    spreadsheet (1.1.2)
      ruby-ole (>= 1.0)
    sqlite3 (1.3.11)

PLATFORMS
  ruby

DEPENDENCIES
  axlsx
  narray
  narray_miss
  spreadsheet
  sqlite3

BUNDLED WITH
   1.11.2
